GEM
  remote: http://rubygems.org/
  specs:
    kgio (2.6.0)
    rack (1.3.2)
    raindrops (0.7.0)
    rake (0.9.2)
    sinatra (1.2.6)
      rack (~> 1.1)
      tilt (< 2.0, >= 1.2.2)
    tilt (1.3.3)
    unicorn (4.1.1)
      kgio (~> 2.4)
      rack
      raindrops (~> 0.6)

PLATFORMS
  ruby

DEPENDENCIES
  rake (~> 0.9.2)
  sinatra (~> 1.2.6)
  unicorn (~> 4.1.1)
